GEM
  remote: http://rubygems.org/
  specs:
    childprocess (0.2.0)
      ffi (~> 1.0.6)
    diff-lcs (1.1.2)
    execjs (1.3.0)
      multi_json (~> 1.0)
    ffi (1.0.9)
    ffi (1.0.9-x86-mingw32)
    jasmine (1.0.2.1)
      json_pure (>= 1.4.3)
      rack (>= 1.1)
      rspec (>= 1.3.1)
      selenium-webdriver (>= 0.1.3)
    jshintrb (0.1.0)
      execjs
      multi_json
      rake
    json_pure (1.5.3)
    multi_json (1.1.0)
    rack (1.3.2)
    rake (0.9.2.2)
    rspec (2.6.0)
      rspec-core (~> 2.6.0)
      rspec-expectations (~> 2.6.0)
      rspec-mocks (~> 2.6.0)
    rspec-core (2.6.4)
    rspec-expectations (2.6.0)
      diff-lcs (~> 1.1.2)
    rspec-mocks (2.6.0)
    rubyzip (0.9.4)
    selenium-webdriver (2.3.2)
      childprocess (>= 0.1.9)
      ffi (>= 1.0.7)
      json_pure
      rubyzip

PLATFORMS
  ruby
  x86-mingw32

DEPENDENCIES
  jasmine
  jshintrb
  rake
